GEM
  remote: http://rubygems.org/
  specs:
    json (1.5.5)
    macaddr (1.5.0)
      systemu (>= 2.4.0)
    multi_json (1.0.4)
    mustermann (2.0.2)
      ruby2_keywords (~> 0.0.1)
    pusher (0.8.5)
      multi_json (~> 1.0)
      ruby-hmac (~> 0.4.0)
      signature (~> 0.1.2)
    rack (2.2.4)
    rack-protection (2.2.3)
      rack
    ruby-hmac (0.4.0)
    ruby2_keywords (0.0.5)
    signature (0.1.2)
      ruby-hmac
    sinatra (2.2.3)
      mustermann (~> 2.0)
      rack (~> 2.2)
      rack-protection (= 2.2.3)
      tilt (~> 2.0)
    systemu (2.4.2)
    tilt (2.0.11)
    uuid (2.3.4)
      macaddr (~> 1.0)

PLATFORMS
  ruby

DEPENDENCIES
  json
  pusher
  sinatra
  uuid
